GEM
  remote: http://rubygems.org/
  specs:
    configuration (1.2.0)
    diff-lcs (1.1.2)
    directory_watcher (1.4.0)
    hpricot (0.8.4)
    launchy (0.4.0)
      configuration (>= 0.0.5)
      rake (>= 0.8.1)
    little-plugger (1.1.2)
    logging (1.5.0)
      little-plugger (>= 1.1.2)
    loquacious (1.7.1)
    rake (0.8.7)
    rspec (2.5.0)
      rspec-core (~> 2.5.0)
      rspec-expectations (~> 2.5.0)
      rspec-mocks (~> 2.5.0)
    rspec-core (2.5.1)
    rspec-expectations (2.5.0)
      diff-lcs (~> 1.1.2)
    rspec-mocks (2.5.0)

PLATFORMS
  ruby

DEPENDENCIES
  directory_watcher
  hpricot
  launchy
  logging
  loquacious
  rspec (= 2.5.0)
